GEM
  remote: https://rubygems.org/
  specs:
    activemodel (5.2.1)
      activesupport (= 5.2.1)
    activesupport (5.2.1)
      concurrent-ruby (~> 1.0, >= 1.0.2)
      i18n (>= 0.7, < 2)
      minitest (~> 5.1)
      tzinfo (~> 1.1)
    bson (4.3.0)
    bson_ext (1.5.1)
    clockwork (2.0.3)
      tzinfo
    concurrent-ruby (1.0.5)
    execjs (2.7.0)
    ffi (1.9.25)
    get_process_mem (0.2.2)
    haml (5.0.4)
      temple (>= 0.8.0)
      tilt
    i18n (1.1.0)
      concurrent-ruby (~> 1.0)
    json (2.1.0)
    minitest (5.11.3)
    mongo (2.6.2)
      bson (>= 4.3.0, < 5.0.0)
    mongoid (7.0.2)
      activemodel (>= 5.1, < 6.0.0)
      mongo (>= 2.5.1, < 3.0.0)
    mono_logger (1.1.0)
    moped (1.5.3)
    multi_json (1.13.1)
    mustermann (1.0.3)
    newrelic_rpm (5.4.0.347)
    puma (3.12.0)
    puma_worker_killer (0.1.0)
      get_process_mem (~> 0.2)
      puma (>= 2.7, < 4)
    rack (2.0.6)
    rack-protection (2.0.4)
      rack
    rack-test (1.1.0)
      rack (>= 1.0, < 3)
    rake (12.3.1)
    rb-fsevent (0.10.3)
    rb-inotify (0.9.10)
      ffi (>= 0.5.0, < 2)
    redis (4.0.2)
    redis-namespace (1.6.0)
      redis (>= 3.0.4)
    resque (1.27.4)
      mono_logger (~> 1.0)
      multi_json (~> 1.0)
      redis-namespace (~> 1.3)
      sinatra (>= 0.9.2)
      vegas (~> 0.1.2)
    sass (3.6.0)
      sass-listen (~> 4.0.0)
    sass-listen (4.0.0)
      rb-fsevent (~> 0.9, >= 0.9.4)
      rb-inotify (~> 0.9, >= 0.9.7)
    sinatra (2.0.4)
      mustermann (~> 1.0)
      rack (~> 2.0)
      rack-protection (= 2.0.4)
      tilt (~> 2.0)
    sinatra-cross_origin (0.3.2)
    sinatra-redis (0.3.0)
      redis
      sinatra (>= 0.9.4)
    sprockets (3.7.2)
      concurrent-ruby (~> 1.0)
      rack (> 1, < 3)
    sprockets-helpers (1.2.1)
      sprockets (>= 2.2)
    sprockets-sass (2.0.0.beta2)
      sprockets (>= 2.0, < 4.0)
    temple (0.8.0)
    thread_safe (0.3.6)
    tilt (2.0.8)
    tzinfo (1.2.5)
      thread_safe (~> 0.1)
    uglifier (4.1.19)
      execjs (>= 0.3.0, < 3)
    vegas (0.1.11)
      rack (>= 1.0.0)

PLATFORMS
  ruby

DEPENDENCIES
  bson
  bson_ext
  clockwork
  haml
  json
  minitest
  mongoid
  moped
  newrelic_rpm
  puma
  puma_worker_killer
  rack
  rack-test
  rake
  redis
  resque
  sass
  sinatra
  sinatra-cross_origin (~> 0.3.1)
  sinatra-redis
  sprockets
  sprockets-helpers
  sprockets-sass
  uglifier

RUBY VERSION
   ruby 2.6.2p47

BUNDLED WITH
   1.17.2
