GEM
  remote: https://rubygems.org/
  specs:
    activemodel (7.0.2.4)
      activesupport (= 7.0.2.4)
    activesupport (7.0.2.4)
      concurrent-ruby (~> 1.0, >= 1.0.2)
      i18n (>= 1.6, < 2)
      minitest (>= 5.1)
      tzinfo (~> 2.0)
    bson (4.15.0)
    clockwork (3.0.0)
      activesupport
      tzinfo
    coderay (1.1.3)
    concurrent-ruby (1.1.10)
    execjs (2.8.1)
    ffi (1.15.5)
    get_process_mem (0.2.7)
      ffi (~> 1.0)
    haml (5.2.2)
      temple (>= 0.8.0)
      tilt
    i18n (1.10.0)
      concurrent-ruby (~> 1.0)
    json (2.6.1)
    method_source (1.0.0)
    minitest (5.15.0)
    mongo (2.17.1)
      bson (>= 4.8.2, < 5.0.0)
    mongoid (7.4.0)
      activemodel (>= 5.1, < 7.1, != 7.0.0)
      mongo (>= 2.10.5, < 3.0.0)
      ruby2_keywords (~> 0.0.5)
    mono_logger (1.1.1)
    multi_json (1.15.0)
    mustermann (1.1.1)
      ruby2_keywords (~> 0.0.1)
    newrelic_rpm (8.7.0)
    nio4r (2.5.8)
    pry (0.14.1)
      coderay (~> 1.1)
      method_source (~> 1.0)
    puma (5.6.4)
      nio4r (~> 2.0)
    puma_worker_killer (0.3.1)
      get_process_mem (~> 0.2)
      puma (>= 2.7)
    rack (2.2.3)
    rack-protection (2.2.0)
      rack
    rack-test (1.1.0)
      rack (>= 1.0, < 3)
    rake (13.0.6)
    redis (4.6.0)
    redis-namespace (1.8.2)
      redis (>= 3.0.4)
    resque (2.2.1)
      mono_logger (~> 1.0)
      multi_json (~> 1.0)
      redis-namespace (~> 1.6)
      sinatra (>= 0.9.2)
    ruby2_keywords (0.0.5)
    sassc (2.4.0)
      ffi (~> 1.9)
    sentry-ruby (5.3.0)
      concurrent-ruby (~> 1.0, >= 1.0.2)
      sentry-ruby-core (= 5.3.0)
    sentry-ruby-core (5.3.0)
      concurrent-ruby
    sinatra (2.2.0)
      mustermann (~> 1.0)
      rack (~> 2.2)
      rack-protection (= 2.2.0)
      tilt (~> 2.0)
    sinatra-cross_origin (0.4.0)
    sinatra-redis (0.3.0)
      redis
      sinatra (>= 0.9.4)
    sprockets (4.0.3)
      concurrent-ruby (~> 1.0)
      rack (> 1, < 3)
    sprockets-helpers (1.4.0)
      sprockets (>= 2.2)
    temple (0.8.2)
    tilt (2.0.10)
    tzinfo (2.0.4)
      concurrent-ruby (~> 1.0)
    uglifier (4.2.0)
      execjs (>= 0.3.0, < 3)

PLATFORMS
  x86_64-darwin-21
  x86_64-linux

DEPENDENCIES
  clockwork
  haml
  json
  minitest
  mongoid
  newrelic_rpm
  pry
  puma
  puma_worker_killer
  rack
  rack-test
  rake
  redis
  resque
  sassc
  sentry-ruby
  sinatra (~> 2.2.0)
  sinatra-cross_origin
  sinatra-redis
  sprockets (~> 4.0.2)
  sprockets-helpers
  uglifier

RUBY VERSION
   ruby 3.1.0p0

BUNDLED WITH
   2.3.3
